GEM
  remote: https://rubygems.org/
  specs:
    filesize (0.1.1)
    image_optimizer (1.3.0)
    mini_magick (4.5.1)
    mozjpeg (0.0.2)
      os (~> 0.9.6)
    os (0.9.6)

PLATFORMS
  ruby

DEPENDENCIES
  filesize
  image_optimizer
  mini_magick
  mozjpeg

BUNDLED WITH
   1.11.2
